GEM
  remote: https://rubygems.org/
  specs:
    actionframework (0.1.3.2)
      httparty
      jewel
      json
      minigit
      optitron
      rack
      tilt
      websocket-rack
    addressable (2.3.5)
    callsite (0.0.11)
    daemons (1.1.9)
    em-websocket (0.3.8)
      addressable (>= 2.1.1)
      eventmachine (>= 0.12.9)
    eventmachine (1.0.3)
    httparty (0.12.0)
      json (~> 1.8)
      multi_xml (>= 0.5.2)
    jewel (0.0.9)
    json (1.8.1)
    minigit (0.0.4)
    multi_xml (0.5.5)
    optitron (0.3.3)
      callsite (~> 0.0.4)
      parameters_extra (~> 0.2.0)
    parameters_extra (0.2.0)
      ruby2ruby (~> 1.2.4)
      ruby_parser (~> 2.0)
      sexp_processor (~> 3.0.4)
    rack (1.5.2)
    ruby2ruby (1.2.5)
      ruby_parser (~> 2.0)
      sexp_processor (~> 3.0)
    ruby_parser (2.3.1)
      sexp_processor (~> 3.0)
    sexp_processor (3.0.10)
    thin (1.6.1)
      daemons (>= 1.0.9)
      eventmachine (>= 1.0.0)
      rack (>= 1.0.0)
    tilt (2.0.0)
    websocket-rack (0.4.0)
      em-websocket (~> 0.3.6)
      eventmachine (~> 1.0.0.beta.4)
      rack
      thin

PLATFORMS
  ruby

DEPENDENCIES
  actionframework
